GEM
  remote: http://rubygems.org/
  specs:
    builder (3.0.0)
    crack (0.1.6)
    diff-lcs (1.1.2)
    fakeweb (1.3.0)
    hashie (0.2.2)
    httparty (0.5.2)
      crack (= 0.1.6)
    little-plugger (1.1.2)
    logging (1.4.3)
      little-plugger (>= 1.1.2)
    oauth (0.4.0)
    ohm (0.0.35)
      redis (>= 1.0.4)
    rack (1.2.1)
    rack-test (0.5.6)
      rack (>= 1.0)
    redis (2.1.1)
    rspec (2.1.0)
      rspec-core (~> 2.1.0)
      rspec-expectations (~> 2.1.0)
      rspec-mocks (~> 2.1.0)
    rspec-core (2.1.0)
    rspec-expectations (2.1.0)
      diff-lcs (~> 1.1.2)
    rspec-mocks (2.1.0)
    sinatra (1.1.0)
      rack (~> 1.1)
      tilt (~> 1.1)
    tilt (1.1)
    tweetable (0.1.13)
      logging
      twitter
    twitter (0.9.5)
      hashie (~> 0.2.0)
      httparty (~> 0.5.0)
      oauth (>= 0.3.5)
      yajl-ruby (~> 0.7.0)
    yajl-ruby (0.7.8)

PLATFORMS
  ruby

DEPENDENCIES
  builder
  fakeweb
  logging
  oauth (= 0.4.0)
  ohm (= 0.0.35)
  rack
  rack-test
  redis
  rspec
  sinatra
  tweetable
  twitter (= 0.9.5)
