GEM
  remote: http://rubygems.org/
  specs:
    SystemTimer (1.2)
    builder (3.0.0)
    crack (0.1.8)
    diff-lcs (1.1.2)
    fakeweb (1.3.0)
    hashie (0.4.0)
    httparty (0.6.1)
      crack (= 0.1.8)
    little-plugger (1.1.2)
    logging (1.4.3)
      little-plugger (>= 1.1.2)
    multi_json (0.0.5)
    oauth (0.4.3)
    ohm (0.0.38)
      redis (>= 1.0.4)
    rack (1.1.0)
    rack-test (0.5.7)
      rack (>= 1.0)
    redis (2.1.1)
    rspec (2.4.0)
      rspec-core (~> 2.4.0)
      rspec-expectations (~> 2.4.0)
      rspec-mocks (~> 2.4.0)
    rspec-core (2.4.0)
    rspec-expectations (2.4.0)
      diff-lcs (~> 1.1.2)
    rspec-mocks (2.4.0)
    sinatra (1.0)
      rack (>= 1.0)
    tweetable (0.1.14)
      logging
      twitter (= 0.9.12)
    twitter (0.9.12)
      hashie (~> 0.4.0)
      httparty (~> 0.6.1)
      multi_json (~> 0.0.4)
      oauth (~> 0.4.3)

PLATFORMS
  ruby

DEPENDENCIES
  SystemTimer (= 1.2)
  builder
  fakeweb
  logging
  oauth (= 0.4.3)
  ohm (= 0.0.38)
  rack (= 1.1.0)
  rack-test
  redis
  rspec
  sinatra (= 1.0)
  tweetable (= 0.1.14)
  twitter (= 0.9.12)
